GEM
  remote: https://rubygems.org/
  specs:
    kiba (0.5.0)

PLATFORMS
  ruby

DEPENDENCIES
  kiba (~> 0.5.0)

BUNDLED WITH
   1.10.4
