GEM
  remote: https://rubygems.org/
  specs:
    byebug (5.0.0)
      columnize (= 0.9.0)
    columnize (0.9.0)
    kiba (0.6.1)
    mysql2 (0.3.20)
    pg (0.18.2)

PLATFORMS
  ruby

DEPENDENCIES
  byebug (~> 5.0.0)
  kiba (~> 0.6.1)
  mysql2 (~> 0.3.18)
  pg (~> 0.18.2)

BUNDLED WITH
   1.10.4
